GEM
  remote: https://rubygems.org/
  specs:
    mini_portile2 (2.4.0)
    nokogiri (1.10.10)
      mini_portile2 (~> 2.4.0)
    ruby_powerpoint (1.4.4)
      nokogiri (~> 1.6)
      rubyzip (~> 1.0)
    rubyzip (1.3.0)

PLATFORMS
  ruby

DEPENDENCIES
  ruby_powerpoint

BUNDLED WITH
   1.17.3
